{
	"TaskName": "p300",
	"Manufacturer": "g.tec",
	"PowerLineFrequency": 50.0,
	"SamplingFrequency": 250.0,
	"SoftwareFilters": "n/a",
	"RecordingDuration": 2316.796,
	"RecordingType": "continuous",
	"EEGReference": "right ear",
	"EEGGround": "AFz",
	"EEGPlacementScheme": "10-20 system",
	"EEGChannelCount": 8,
	"EOGChannelCount": 0,
	"ECGChannelCount": 0,
	"EMGChannelCount": 0,
	"TriggerChannelCount": 0,
	"ManufacturersModelName": "g.Nautilus (g.tec, wireless)",
	"SoftwareVersions": "n/a",
	"HardwareFilters": "n/a",
	"TaskDescription": "P300 BCI joint-attention training in virtual environment; 8 flashing objects; 15 ASD subjects across 7 sessions (clinical trial NCT02445625) Trial duration: 1.2s.",
	"Instructions": "n/a",
	"CogAtlasID": "https://www.cognitiveatlas.org/task/id/tsk_GxjZBNiJorj1K/",
	"InstitutionName": "University of Coimbra",
	"InstitutionAddress": "PT",
	"InstitutionalDepartmentName": "n/a",
	"CapManufacturer": "n/a",
	"CapManufacturersModelName": "n/a",
	"SubjectArtefactDescription": "n/a",
	"DeviceSerialNumber": "n/a",
	"Description": "EEG recording.",
	"MISCChannelCount": 0
}